GEM
  remote: http://rubygems.org/
  specs:
    liquid (2.2.2)
    rdiscount (1.6.8)

PLATFORMS
  ruby

DEPENDENCIES
  liquid
  rdiscount
